GEM
  remote: https://rubygems.org/
  specs:
    stopwords-filter (0.3.1)

PLATFORMS
  ruby

DEPENDENCIES
  stopwords-filter

BUNDLED WITH
   1.10.3
